GEM
  remote: https://rubygems.org/
  specs:
    activemodel (5.2.1)
      activesupport (= 5.2.1)
    activerecord (5.2.1)
      activemodel (= 5.2.1)
      activesupport (= 5.2.1)
      arel (>= 9.0)
    activesupport (5.2.1)
      concurrent-ruby (~> 1.0, >= 1.0.2)
      i18n (>= 0.7, < 2)
      minitest (~> 5.1)
      tzinfo (~> 1.1)
    arel (9.0.0)
    awesome_print (1.8.0)
    backports (3.11.4)
    clockwork (2.0.3)
      tzinfo
    coderay (1.1.2)
    concurrent-ruby (1.0.5)
    diff-lcs (1.3)
    docile (1.3.1)
    i18n (1.1.0)
      concurrent-ruby (~> 1.0)
    json (2.1.0)
    method_source (0.9.0)
    mini_portile2 (2.4.0)
    minitest (5.11.3)
    multi_json (1.13.1)
    mustermann (1.0.3)
    nokogiri (1.10.3)
      mini_portile2 (~> 2.4.0)
    pry (0.11.3)
      coderay (~> 1.1.0)
      method_source (~> 0.9.0)
    puma (3.12.0)
    rack (2.0.6)
    rack-protection (2.0.4)
      rack
    rack-test (1.1.0)
      rack (>= 1.0, < 3)
    rake (12.3.1)
    rspec (3.8.0)
      rspec-core (~> 3.8.0)
      rspec-expectations (~> 3.8.0)
      rspec-mocks (~> 3.8.0)
    rspec-core (3.8.0)
      rspec-support (~> 3.8.0)
    rspec-expectations (3.8.2)
      diff-lcs (>= 1.2.0, < 2.0)
      rspec-support (~> 3.8.0)
    rspec-html-matchers (0.9.1)
      nokogiri (~> 1)
      rspec (>= 3.0.0.a, < 4)
    rspec-mocks (3.8.0)
      diff-lcs (>= 1.2.0, < 2.0)
      rspec-support (~> 3.8.0)
    rspec-support (3.8.0)
    semantic_logger (4.3.0)
      concurrent-ruby (~> 1.0)
    simplecov (0.16.1)
      docile (~> 1.1)
      json (>= 1.8, < 3)
      simplecov-html (~> 0.10.0)
    simplecov-html (0.10.2)
    sinatra (2.0.4)
      mustermann (~> 1.0)
      rack (~> 2.0)
      rack-protection (= 2.0.4)
      tilt (~> 2.0)
    sinatra-activerecord (2.0.13)
      activerecord (>= 3.2)
      sinatra (>= 1.0)
    sinatra-contrib (2.0.4)
      activesupport (>= 4.0.0)
      backports (>= 2.8.2)
      multi_json
      mustermann (~> 1.0)
      rack-protection (= 2.0.4)
      sinatra (= 2.0.4)
      tilt (>= 1.3, < 3)
    sinatra-logger (0.3.2)
      semantic_logger
      sinatra
    sqlite3 (1.3.13)
    sucker_punch (2.1.1)
      concurrent-ruby (~> 1.0)
    thread_safe (0.3.6)
    tilt (2.0.8)
    tzinfo (1.2.5)
      thread_safe (~> 0.1)

PLATFORMS
  ruby

DEPENDENCIES
  activerecord (~> 5.2.1)
  activesupport (~> 5.2.1)
  awesome_print
  clockwork
  pry
  puma (~> 3.12.0)
  rack-test
  rake
  rspec (~> 3.8.0)
  rspec-html-matchers
  simplecov
  sinatra (~> 2.0.4)
  sinatra-activerecord
  sinatra-contrib (~> 2.0.4)
  sinatra-logger (>= 0.2.6)
  sqlite3
  sucker_punch (~> 2.0)

RUBY VERSION
   ruby 2.5.1p57

BUNDLED WITH
   1.17.1
