GEM
  remote: https://rubygems.org/
  specs:
    activesupport (5.2.1)
      concurrent-ruby (~> 1.0, >= 1.0.2)
      i18n (>= 0.7, < 2)
      minitest (~> 5.1)
      tzinfo (~> 1.1)
    clockwork (2.0.3)
      tzinfo
    concurrent-ruby (1.0.5)
    foreman (0.85.0)
      thor (~> 0.19.1)
    i18n (1.1.0)
      concurrent-ruby (~> 1.0)
    minitest (5.11.3)
    puma (3.8.2)
    rack (1.6.5)
    rack-protection (1.5.3)
      rack
    semantic_logger (4.3.0)
      concurrent-ruby (~> 1.0)
    sinatra (1.4.8)
      rack (~> 1.5)
      rack-protection (~> 1.4)
      tilt (>= 1.3, < 3)
    sinatra-logger (0.3.2)
      semantic_logger
      sinatra
    thor (0.19.4)
    thread_safe (0.3.6)
    tilt (2.0.7)
    tzinfo (1.2.5)
      thread_safe (~> 0.1)

PLATFORMS
  ruby

DEPENDENCIES
  activesupport
  clockwork
  foreman
  puma
  sinatra
  sinatra-logger (>= 0.2.6)

RUBY VERSION
   ruby 2.5.1p57

BUNDLED WITH
   1.16.6
